PATH
  remote: .
  specs:
    factor-connector-pushover (0.0.1)
      factor-connector-api (~> 0.0.1)
      rest-client (= 1.6.7)

GEM
  remote: https://rubygems.org/
  specs:
    factor-connector-api (0.0.1)
    mime-types (2.3)
    rest-client (1.6.7)
      mime-types (>= 1.16)

PLATFORMS
  ruby

DEPENDENCIES
  factor-connector-pushover!
